GIT
  remote: git://github.com/banister/plymouth.git
  revision: 565d75b0a3d55c7a291bdd39f9321b51c5373f18
  specs:
    plymouth (0.3.3)
      pry-exception_explorer (~> 0.1.7)

GEM
  remote: https://rubygems.org/
  specs:
    binding_of_caller (0.6.8)
    coderay (1.0.8)
    diff-lcs (1.1.3)
    method_source (0.8.1)
    pry (0.9.11.4)
      coderay (~> 1.0.5)
      method_source (~> 0.8)
      slop (~> 3.4)
    pry-exception_explorer (0.1.9)
      pry-stack_explorer (>= 0.3.9)
    pry-stack_explorer (0.4.7)
      binding_of_caller (~> 0.6.8)
    rspec (2.12.0)
      rspec-core (~> 2.12.0)
      rspec-expectations (~> 2.12.0)
      rspec-mocks (~> 2.12.0)
    rspec-core (2.12.2)
    rspec-expectations (2.12.1)
      diff-lcs (~> 1.1.3)
    rspec-mocks (2.12.1)
    slop (3.4.3)

PLATFORMS
  ruby

DEPENDENCIES
  plymouth!
  pry
  rspec
